GEM
  remote: http://rubygems.org/
  specs:
    activemodel (3.2.8)
      activesupport (= 3.2.8)
      builder (~> 3.0.0)
    activerecord (3.2.8)
      activemodel (= 3.2.8)
      activesupport (= 3.2.8)
      arel (~> 3.0.2)
      tzinfo (~> 0.3.29)
    activesupport (3.2.8)
      i18n (~> 0.6)
      multi_json (~> 1.0)
    arel (3.0.2)
    builder (3.0.4)
    databasedotcom (1.3.1)
      json
      multipart-post (~> 1.1)
    i18n (0.6.1)
    json (1.7.5)
    multi_json (1.3.6)
    multipart-post (1.1.5)
    mysql2 (0.3.11)
    pit (0.0.6)
    rake (0.9.2.2)
    tzinfo (0.3.33)

PLATFORMS
  ruby

DEPENDENCIES
  activerecord
  databasedotcom
  mysql2
  pit
  rake
