GEM
  remote: http://rubygems.org/
  specs:
    databasedotcom (1.3.1)
      json
      multipart-post (~> 1.1)
    json (1.7.5)
    multipart-post (1.1.5)
    pit (0.0.6)

PLATFORMS
  ruby

DEPENDENCIES
  databasedotcom
  pit
